PATH
  remote: /Users/litch/code/obsidian/libraries/clock
  specs:
    clock (0.0.0)

PATH
  remote: /Users/litch/code/obsidian/libraries/dependency
  specs:
    dependency (0.0.0)
      naught (= 1.0.0)

PATH
  remote: /Users/litch/code/obsidian/libraries/logger
  specs:
    logger (0.0.0)
      logging (= 1.8.2)
      naught (= 1.0.0)

GEM
  remote: https://rubygems.org/
  specs:
    diff-lcs (1.2.5)
    dotenv (1.0.2)
    foreman (0.77.0)
      dotenv (~> 1.0.2)
      thor (~> 0.19.1)
    little-plugger (1.1.3)
    logging (1.8.2)
      little-plugger (>= 1.1.3)
      multi_json (>= 1.8.4)
    multi_json (1.11.0)
    naught (1.0.0)
    rspec (3.1.0)
      rspec-core (~> 3.1.0)
      rspec-expectations (~> 3.1.0)
      rspec-mocks (~> 3.1.0)
    rspec-core (3.1.7)
      rspec-support (~> 3.1.0)
    rspec-expectations (3.1.2)
      diff-lcs (>= 1.2.0, < 2.0)
      rspec-support (~> 3.1.0)
    rspec-mocks (3.1.3)
      rspec-support (~> 3.1.0)
    rspec-support (3.1.2)
    thor (0.19.1)

PLATFORMS
  java
  ruby

DEPENDENCIES
  clock!
  dependency!
  foreman
  logger!
  rspec (= 3.1.0)
